GIT
  remote: git://github.com/pcboy/rforvo.git
  revision: fa34d7896868b4e9e429d05111f5c9fa90723a7b
  specs:
    rforvo (0.0.2)
      multi_json

GIT
  remote: git://github.com/pcboy/rtatoeba.git
  revision: 4a3ea7d19308513103c86b598d6eed78e4cbbf42
  specs:
    rtatoeba (0.0.1)
      mechanize

GIT
  remote: git://github.com/pcboy/wordref.git
  revision: 0232bd5d434689eb73b24180e0033c5641e3781e
  specs:
    wordref (0.0.1)
      attempt
      multi_json

GEM
  remote: https://rubygems.org/
  specs:
    attempt (0.2.0)
      structured_warnings
    awesome_print (1.1.0)
    diff-lcs (1.2.4)
    domain_name (0.5.11)
      unf (>= 0.0.5, < 1.0.0)
    furigana (0.0.4)
      diff-lcs
    google-search (1.0.3)
      json
    json (1.8.0)
    maybe (1.1.0)
    mechanize (2.6.0)
      domain_name (~> 0.5, >= 0.5.1)
      mime-types (~> 1.17, >= 1.17.2)
      net-http-digest_auth (~> 1.1, >= 1.1.1)
      net-http-persistent (~> 2.5, >= 2.5.2)
      nokogiri (~> 1.4)
      ntlm-http (~> 0.1, >= 0.1.1)
      webrobots (>= 0.0.9, < 0.2)
    mime-types (1.23)
    multi_json (1.7.3)
    net-http-digest_auth (1.3)
    net-http-persistent (2.8)
    nokogiri (1.5.9)
    ntlm-http (0.1.1)
    structured_warnings (0.1.4)
    trollop (2.0)
    unf (0.1.1)
      unf_ext
    unf_ext (0.0.6)
    webrobots (0.1.1)

PLATFORMS
  ruby

DEPENDENCIES
  attempt
  awesome_print
  diff-lcs
  furigana
  google-search
  maybe
  rforvo!
  rtatoeba!
  trollop
  wordref!
